GEM
  remote: http://rubygems.org/
  specs:
    bubble-wrap (1.1.3)
    guard (1.3.2)
      listen (>= 0.4.2)
      thor (>= 0.14.6)
    guard-motion (0.1.0)
      guard (>= 1.1.0)
      rake (>= 0.9)
    listen (0.5.0)
    motion-fixtures (0.1.0)
    motion-redgreen (0.1.0)
    rake (0.9.2.2)
    rb-fsevent (0.9.1)
    terminal-notifier-guard (1.5.3)
    thor (0.16.0)

PLATFORMS
  ruby

DEPENDENCIES
  bubble-wrap
  guard
  guard-motion
  motion-fixtures
  motion-redgreen
  rake
  rb-fsevent
  terminal-notifier-guard
