GIT
  remote: git://github.com/rubymotion/BubbleWrap.git
  revision: 82db68ddac22dff379f1127a8d9b33f51832d09d
  specs:
    bubble-wrap (1.1.4)

GIT
  remote: git://github.com/rubymotion/sugarcube.git
  revision: 0073e852f46d903ac1375f619f3b130cef244b8d
  specs:
    sugarcube (0.11.3)

GEM
  remote: http://rubygems.org/
  specs:
    activesupport (3.2.9)
      i18n (~> 0.6)
      multi_json (~> 1.0)
    coderay (1.0.8)
    colored (1.2)
    ffi (1.1.5)
    guard (1.5.4)
      listen (>= 0.4.2)
      lumberjack (>= 1.0.2)
      pry (>= 0.9.10)
      thor (>= 0.14.6)
    guard-motion (0.1.1)
      guard (>= 1.1.0)
      rake (>= 0.9)
    i18n (0.6.1)
    ib (0.2.2)
      thor (>= 0.15.4)
      xcodeproj (>= 0.4.0)
    listen (0.4.7)
      rb-fchange (~> 0.0.5)
      rb-fsevent (~> 0.9.1)
      rb-inotify (~> 0.8.8)
    lumberjack (1.0.2)
    method_source (0.8.1)
    motion-fixtures (0.1.0)
    motion-redgreen (0.1.0)
    multi_json (1.4.0)
    pry (0.9.10)
      coderay (~> 1.0.5)
      method_source (~> 0.8)
      slop (~> 3.3.1)
    rake (10.0.0)
    rb-fchange (0.0.6)
      ffi
    rb-fsevent (0.9.2)
    rb-inotify (0.8.8)
      ffi (>= 0.5.0)
    slop (3.3.3)
    terminal-notifier-guard (1.5.3)
    thor (0.15.4)
    xcodeproj (0.4.0)
      activesupport (~> 3.2.6)
      colored (~> 1.2)

PLATFORMS
  ruby

DEPENDENCIES
  bubble-wrap!
  guard
  guard-motion
  ib
  listen (= 0.4.7)
  motion-fixtures
  motion-redgreen
  rake
  rb-fsevent
  sugarcube!
  terminal-notifier-guard
