GEM
  remote: http://rubygems.org/
  specs:
    bubble-wrap (1.1.3)
    motion-fixtures (0.1.0)
    motion-redgreen (0.1.0)

PLATFORMS
  ruby

DEPENDENCIES
  bubble-wrap
  motion-fixtures
  motion-redgreen
