GIT
  remote: git://github.com/rubymotion/BubbleWrap.git
  revision: 36062f34db57d3bca1564db8f87b0aa1f046b823
  specs:
    bubble-wrap (1.1.4)

GIT
  remote: git://github.com/rubymotion/sugarcube.git
  revision: 7c466e63a24a688a6b546aeb4b8c7b9bc10ffbc5
  specs:
    sugarcube (0.12)

GEM
  remote: http://rubygems.org/
  specs:
    activesupport (3.2.9)
      i18n (~> 0.6)
      multi_json (~> 1.0)
    colored (1.2)
    i18n (0.6.1)
    ib (0.2.2)
      thor (>= 0.15.4)
      xcodeproj (>= 0.4.0)
    multi_json (1.4.0)
    rake (10.0.0)
    thor (0.15.4)
    xcodeproj (0.4.0)
      activesupport (~> 3.2.6)
      colored (~> 1.2)

PLATFORMS
  ruby

DEPENDENCIES
  bubble-wrap!
  ib
  rake
  sugarcube!
